GEM
  remote: https://rubygems.org/
  specs:
    highline (2.0.3)

PLATFORMS
  ruby

DEPENDENCIES
  highline

BUNDLED WITH
   2.0.2
